PATH
  remote: .
  specs:
    squab-bot (1.3.2)
      isaac
      rangeclient
      squab-client

PATH
  remote: ../squab-client
  specs:
    squab-client (1.3.2)

GEM
  remote: https://rubygems.org/
  specs:
    isaac (0.2.6)
    mime-types (1.24)
    rangeclient (0.0.7)
      rest-client
    rest-client (1.6.7)
      mime-types (>= 1.16)

PLATFORMS
  ruby

DEPENDENCIES
  squab-bot!
  squab-client!
