PATH
  remote: .
  specs:
    squab-bot (1.3.0)
      isaac
      rangeclient
      squab-client

PATH
  remote: ../squab-client
  specs:
    squab-client (1.3.1)
      json (>= 1.7.4)

GEM
  remote: https://rubygems.org/
  specs:
    isaac (0.2.6)
    json (1.8.0)
    rangeclient (0.0.8)

PLATFORMS
  ruby

DEPENDENCIES
  squab-bot!
  squab-client!
